GIT
  remote: https://github.com/heroku/heroku.rb
  revision: b8fb7701899acbaa158e2c64c67e8bd6f21ed47f
  specs:
    heroku-api (0.1.2)
      excon (~> 0.13.3)

PATH
  remote: .
  specs:
    heroku (2.25.0)
      launchy (>= 0.3.2)
      netrc (~> 0.7.1)
      rest-client (~> 1.6.1)
      rubyzip

GEM
  remote: http://rubygems.org/
  specs:
    addressable (2.2.7)
    aws-s3 (0.6.2)
      builder
      mime-types
      xml-simple
    builder (3.0.0)
    crack (0.3.1)
    diff-lcs (1.1.3)
    excon (0.13.4)
    fakefs (0.4.0)
    fpm (0.3.11)
      json
    json (1.6.5)
    launchy (2.1.0)
      addressable (~> 2.2.6)
    mime-types (1.17.2)
    multi_json (1.1.0)
    netrc (0.7.1)
    rack (1.4.1)
    rake (0.9.2.2)
    rest-client (1.6.7)
      mime-types (>= 1.16)
    rr (1.0.4)
    rspec (2.8.0)
      rspec-core (~> 2.8.0)
      rspec-expectations (~> 2.8.0)
      rspec-mocks (~> 2.8.0)
    rspec-core (2.8.0)
    rspec-expectations (2.8.0)
      diff-lcs (~> 1.1.2)
    rspec-mocks (2.8.0)
    rubyzip (0.9.6.1)
    sequel (3.20.0)
    simplecov (0.6.1)
      multi_json (~> 1.0)
      simplecov-html (~> 0.5.3)
    simplecov-html (0.5.3)
    sinatra (1.0)
      rack (>= 1.0)
    sqlite3 (1.3.5)
    sqlite3 (1.3.5-x86-mingw32)
    sqlite3-ruby (1.3.3)
      sqlite3 (>= 1.3.3)
    taps (0.3.23)
      rack (>= 1.0.1)
      rest-client (>= 1.4.0, < 1.7.0)
      sequel (~> 3.20.0)
      sinatra (~> 1.0.0)
      sqlite3-ruby (~> 1.2)
    webmock (1.8.3)
      addressable (>= 2.2.7)
      crack (>= 0.1.7)
    xml-simple (1.1.1)

PLATFORMS
  ruby
  x86-mingw32

DEPENDENCIES
  aws-s3
  fakefs
  fpm
  heroku!
  heroku-api!
  jruby-openssl
  json
  rake (>= 0.8.7)
  rr (~> 1.0.2)
  rspec (>= 2.0)
  rubyzip
  simplecov (~> 0.6.0)
  taps (>= 0.3.23)
  webmock
