GEM
  remote: http://rubygems.org/
  specs:
    addressable (2.2.0)
    configuration (1.1.0)
    crack (0.1.8)
    json_pure (1.4.6)
    launchy (0.3.7)
      configuration (>= 0.0.5)
      rake (>= 0.8.1)
    mime-types (1.16)
    parka (0.5.0)
      crack
      rest-client
      thor
    rack (1.2.1)
    rake (0.8.7)
    rest-client (1.4.2)
      mime-types (>= 1.16)
    rspec (1.2.9)
    sequel (3.13.0)
    sinatra (1.0)
      rack (>= 1.0)
    sqlite3-ruby (1.3.1)
    taps (0.3.11)
      json_pure (>= 1.2.0, < 1.5.0)
      rack (>= 1.0.1)
      rest-client (~> 1.4.0)
      sequel (~> 3.13.0)
      sinatra (~> 1.0.0)
      sqlite3-ruby (~> 1.2)
    thor (0.14.0)
    webmock (1.2.2)
      addressable (>= 2.1.1)

PLATFORMS
  ruby

DEPENDENCIES
  json_pure (>= 1.2.0, < 1.5.0)
  launchy (~> 0.3.2)
  parka (>= 0.5.0)
  rake
  rest-client (>= 1.4.0)
  rspec (~> 1.2.0)
  taps (~> 0.3.11)
  webmock (~> 1.2.2)
