PATH
  remote: .
  specs:
    heroku (3.21.1)
      heroku-api (~> 0.3.19)
      launchy (>= 0.3.2)
      multi_json (~> 1.10.1)
      netrc (>= 0.10.0)
      rest-client (= 1.6.7)
      rubyzip (~> 1.1.6)
      zip-zip (~> 0.3)

GEM
  remote: https://rubygems.org/
  specs:
    addressable (2.3.6)
    aws-s3 (0.6.3)
      builder
      mime-types
      xml-simple
    builder (3.2.2)
    coveralls (0.7.2)
      multi_json (~> 1.3)
      rest-client (= 1.6.7)
      simplecov (>= 0.7)
      term-ansicolor (= 1.2.2)
      thor (= 0.18.1)
    crack (0.4.2)
      safe_yaml (~> 1.0.0)
    diff-lcs (1.2.5)
    docile (1.1.5)
    excon (0.42.1)
    fakefs (0.5.4)
    heroku-api (0.3.22)
      excon (~> 0.38)
      multi_json (~> 1.8)
    json (1.8.1)
    launchy (2.4.3)
      addressable (~> 2.3)
    mime-types (1.25.1)
    multi_json (1.10.1)
    netrc (0.10.2)
    rake (10.4.2)
    rest-client (1.6.7)
      mime-types (>= 1.16)
    rr (1.1.2)
    rspec (3.1.0)
      rspec-core (~> 3.1.0)
      rspec-expectations (~> 3.1.0)
      rspec-mocks (~> 3.1.0)
    rspec-core (3.1.7)
      rspec-support (~> 3.1.0)
    rspec-expectations (3.1.2)
      diff-lcs (>= 1.2.0, < 2.0)
      rspec-support (~> 3.1.0)
    rspec-mocks (3.1.3)
      rspec-support (~> 3.1.0)
    rspec-support (3.1.2)
    rubyzip (1.1.6)
    safe_yaml (1.0.4)
    simplecov (0.9.1)
      docile (~> 1.1.0)
      multi_json (~> 1.0)
      simplecov-html (~> 0.8.0)
    simplecov-html (0.8.0)
    term-ansicolor (1.2.2)
      tins (~> 0.8)
    thor (0.18.1)
    tins (0.13.2)
    webmock (1.20.4)
      addressable (>= 2.3.6)
      crack (>= 0.3.2)
    xml-simple (1.1.4)
    zip-zip (0.3)
      rubyzip (>= 1.0.0)

PLATFORMS
  ruby
  x86-mingw32

DEPENDENCIES
  aws-s3
  coveralls
  fakefs (< 0.6)
  heroku!
  json
  mime-types (< 2.0)
  rake
  rr
  rspec
  webmock
